PATH
  remote: .
  specs:
    elpresidente (0.1.0)
      activesupport (~> 6.1.4)
      addressable (~> 2.7)
      async (~> 1.29)
      async-container (~> 0.16.11)
      async-http (~> 0.56.3)
      async-redis (~> 0.6.0)
      async-websocket (~> 0.8.0)
      dotenv
      dry-cli (~> 0.6)
      fugit (~> 1.5)
      google_drive
      nokogiri (~> 1.11)
      pry
      rufus-scheduler (>= 3.6.0)
      slack-ruby-block-kit (~> 0.16)
      slack-ruby-client (~> 0.17.0)
      zeitwerk (~> 2.4.2)

GEM
  remote: https://rubygems.org/
  specs:
    activesupport (6.1.4)
      concurrent-ruby (~> 1.0, >= 1.0.2)
      i18n (>= 1.6, < 2)
      minitest (>= 5.1)
      tzinfo (~> 2.0)
      zeitwerk (~> 2.3)
    addressable (2.8.4)
      public_suffix (>= 2.0.2, < 6.0)
    ast (2.4.2)
    async (1.29.1)
      console (~> 1.10)
      nio4r (~> 2.3)
      timers (~> 4.1)
    async-container (0.16.11)
      async (~> 1.0)
      async-io (~> 1.26)
    async-http (0.56.3)
      async (~> 1.25)
      async-io (~> 1.28)
      async-pool (~> 0.2)
      protocol-http (~> 0.22.0)
      protocol-http1 (~> 0.14.0)
      protocol-http2 (~> 0.14.0)
    async-io (1.32.1)
      async (~> 1.14)
    async-pool (0.3.7)
      async (~> 1.25)
    async-redis (0.6.0)
      async (~> 1.8)
      async-io (~> 1.10)
      async-pool (~> 0.2)
      protocol-redis (~> 0.6.0)
    async-websocket (0.8.0)
      async-io
      websocket-driver (~> 0.7.0)
    coderay (1.1.3)
    concurrent-ruby (1.1.9)
    console (1.13.1)
      fiber-local
    declarative (0.0.20)
    diff-lcs (1.4.4)
    dotenv (2.7.6)
    dry-cli (0.7.0)
    et-orbi (1.2.4)
      tzinfo
    faraday (1.4.3)
      faraday-em_http (~> 1.0)
      faraday-em_synchrony (~> 1.0)
      faraday-excon (~> 1.1)
      faraday-net_http (~> 1.0)
      faraday-net_http_persistent (~> 1.1)
      multipart-post (>= 1.2, < 3)
      ruby2_keywords (>= 0.0.4)
    faraday-em_http (1.0.0)
    faraday-em_synchrony (1.0.0)
    faraday-excon (1.1.0)
    faraday-net_http (1.0.1)
    faraday-net_http_persistent (1.1.0)
    faraday_middleware (1.0.0)
      faraday (~> 1.0)
    fiber-local (1.0.0)
    fugit (1.5.0)
      et-orbi (~> 1.1, >= 1.1.8)
      raabro (~> 1.4)
    gli (2.20.0)
    google-apis-core (0.3.0)
      addressable (~> 2.5, >= 2.5.1)
      googleauth (~> 0.14)
      httpclient (>= 2.8.1, < 3.0)
      mini_mime (~> 1.0)
      representable (~> 3.0)
      retriable (>= 2.0, < 4.0)
      rexml
      signet (~> 0.14)
      webrick
    google-apis-drive_v3 (0.9.0)
      google-apis-core (~> 0.1)
    google-apis-sheets_v4 (0.6.0)
      google-apis-core (~> 0.1)
    google_drive (3.0.7)
      google-apis-drive_v3 (>= 0.5.0, < 1.0.0)
      google-apis-sheets_v4 (>= 0.4.0, < 1.0.0)
      googleauth (>= 0.5.0, < 1.0.0)
      nokogiri (>= 1.5.3, < 2.0.0)
    googleauth (0.16.2)
      faraday (>= 0.17.3, < 2.0)
      jwt (>= 1.4, < 3.0)
      memoist (~> 0.16)
      multi_json (~> 1.11)
      os (>= 0.9, < 2.0)
      signet (~> 0.14)
    hashie (4.1.0)
    httpclient (2.8.3)
    i18n (1.8.10)
      concurrent-ruby (~> 1.0)
    jwt (2.2.3)
    memoist (0.16.2)
    method_source (1.0.0)
    mini_mime (1.1.0)
    mini_portile2 (2.5.3)
    minitest (5.14.4)
    multi_json (1.15.0)
    multipart-post (2.1.1)
    nio4r (2.5.7)
    nokogiri (1.11.7)
      mini_portile2 (~> 2.5.0)
      racc (~> 1.4)
    os (1.1.1)
    parallel (1.20.1)
    parser (3.0.1.1)
      ast (~> 2.4.1)
    protocol-hpack (1.4.2)
    protocol-http (0.22.4)
    protocol-http1 (0.14.1)
      protocol-http (~> 0.22)
    protocol-http2 (0.14.2)
      protocol-hpack (~> 1.4)
      protocol-http (~> 0.18)
    protocol-redis (0.6.1)
    pry (0.14.1)
      coderay (~> 1.1)
      method_source (~> 1.0)
    public_suffix (4.0.7)
    raabro (1.4.0)
    racc (1.5.2)
    rainbow (3.0.0)
    rake (12.3.3)
    regexp_parser (2.1.1)
    representable (3.1.1)
      declarative (< 0.1.0)
      trailblazer-option (>= 0.1.1, < 0.2.0)
      uber (< 0.2.0)
    retriable (3.1.2)
    rexml (3.2.5)
    rspec (3.10.0)
      rspec-core (~> 3.10.0)
      rspec-expectations (~> 3.10.0)
      rspec-mocks (~> 3.10.0)
    rspec-core (3.10.1)
      rspec-support (~> 3.10.0)
    rspec-expectations (3.10.1)
      diff-lcs (>= 1.2.0, < 2.0)
      rspec-support (~> 3.10.0)
    rspec-mocks (3.10.2)
      diff-lcs (>= 1.2.0, < 2.0)
      rspec-support (~> 3.10.0)
    rspec-support (3.10.2)
    rubocop (1.18.0)
      parallel (~> 1.10)
      parser (>= 3.0.0.0)
      rainbow (>= 2.2.2, < 4.0)
      regexp_parser (>= 1.8, < 3.0)
      rexml
      rubocop-ast (>= 1.7.0, < 2.0)
      ruby-progressbar (~> 1.7)
      unicode-display_width (>= 1.4.0, < 3.0)
    rubocop-ast (1.7.0)
      parser (>= 3.0.1.1)
    ruby-progressbar (1.11.0)
    ruby2_keywords (0.0.4)
    rufus-scheduler (3.7.0)
      fugit (~> 1.1, >= 1.1.6)
    signet (0.15.0)
      addressable (~> 2.3)
      faraday (>= 0.17.3, < 2.0)
      jwt (>= 1.5, < 3.0)
      multi_json (~> 1.10)
    slack-ruby-block-kit (0.16.0)
    slack-ruby-client (0.17.0)
      faraday (>= 1.0)
      faraday_middleware
      gli
      hashie
      websocket-driver
    timers (4.3.3)
    trailblazer-option (0.1.1)
    tzinfo (2.0.4)
      concurrent-ruby (~> 1.0)
    uber (0.1.0)
    unicode-display_width (2.0.0)
    webrick (1.7.0)
    websocket-driver (0.7.5)
      websocket-extensions (>= 0.1.0)
    websocket-extensions (0.1.5)
    zeitwerk (2.4.2)

PLATFORMS
  ruby

DEPENDENCIES
  elpresidente!
  rake (~> 12.0)
  rspec (~> 3.0)
  rubocop

BUNDLED WITH
   2.2.3
